GEM
  remote: https://rubygems.org/
  specs:
    exifr (1.3.4)
    fspath (3.1.0)
    image_optim (0.26.1)
      exifr (~> 1.2, >= 1.2.2)
      fspath (~> 3.0)
      image_size (~> 1.5)
      in_threads (~> 1.3)
      progress (~> 3.0, >= 3.0.1)
    image_optim_pack (0.5.1)
      fspath (>= 2.1, < 4)
      image_optim (~> 0.19)
    image_size (1.5.0)
    in_threads (1.5.0)
    mini_magick (4.5.1)
    progress (3.4.0)

PLATFORMS
  ruby

DEPENDENCIES
  image_optim
  image_optim_pack
  mini_magick

BUNDLED WITH
   1.15.1
